PATH
  remote: .
  specs:
    debitech_soap (0.0.1)
      activesupport
      i18n

GEM
  remote: http://rubygems.org/
  specs:
    ZenTest (4.4.2)
    activesupport (3.0.3)
    autotest (4.4.6)
      ZenTest (>= 4.4.1)
    diff-lcs (1.1.2)
    i18n (0.5.0)
    rspec (2.3.0)
      rspec-core (~> 2.3.0)
      rspec-expectations (~> 2.3.0)
      rspec-mocks (~> 2.3.0)
    rspec-core (2.3.1)
    rspec-expectations (2.3.0)
      diff-lcs (~> 1.1.2)
    rspec-mocks (2.3.0)

PLATFORMS
  ruby

DEPENDENCIES
  autotest
  debitech_soap!
  rspec
